GEM
  remote: http://rubygems.org/
  specs:
    alf (0.10.1)
      highline (~> 1.6.2)
      myrrha (~> 1.2.1)
      quickl (~> 0.4.1)
    coderay (1.0.8)
    diff-lcs (1.1.3)
    gnuplot (2.3.6)
    highline (1.6.15)
    json (1.7.6)
    method_source (0.8.1)
    multi_json (1.5.0)
    myrrha (1.2.2)
    pry (0.9.10)
      coderay (~> 1.0.5)
      method_source (~> 0.8)
      slop (~> 3.3.1)
    quickl (0.4.3)
    rspec (2.12.0)
      rspec-core (~> 2.12.0)
      rspec-expectations (~> 2.12.0)
      rspec-mocks (~> 2.12.0)
    rspec-core (2.12.2)
    rspec-expectations (2.12.1)
      diff-lcs (~> 1.1.3)
    rspec-mocks (2.12.1)
    simplecov (0.7.1)
      multi_json (~> 1.0)
      simplecov-html (~> 0.7.1)
    simplecov-html (0.7.1)
    slop (3.3.3)
    viiite (0.2.0)
      alf (~> 0.10.1)
      gnuplot (~> 2.3.6)
      json

PLATFORMS
  ruby

DEPENDENCIES
  pry
  rspec
  simplecov
  viiite
